GEM
  remote: http://rubygems.org/
  specs:
    activemodel (3.0.10)
      activesupport (= 3.0.10)
      builder (~> 2.1.2)
      i18n (~> 0.5.0)
    activeresource (3.0.10)
      activemodel (= 3.0.10)
      activesupport (= 3.0.10)
    activesupport (3.0.10)
    addressable (2.2.8)
    aws-sdk (1.8.1.1)
      json (~> 1.4)
      nokogiri (>= 1.4.4)
      uuidtools (~> 2.1)
    builder (2.1.2)
    crack (0.1.8)
    eventmachine (0.12.10)
    excon (0.20.1)
    faraday (0.7.6)
      addressable (~> 2.2)
      multipart-post (~> 1.1)
      rack (~> 1.1)
    faraday_middleware (0.8.7)
      faraday (>= 0.7.4, < 0.9)
    hashie (1.2.0)
    http_parser.rb (0.5.3)
    httparty (0.7.4)
      crack (= 0.1.8)
    i18n (0.5.0)
    json (1.6.6)
    jwt (0.1.3)
      json (>= 1.2.4)
    mail (2.3.0)
      i18n (>= 0.4.0)
      mime-types (~> 1.16)
      treetop (~> 1.4.8)
    mash (0.1.1)
    mime-types (1.18)
    mqtt (0.0.8)
    multi_json (1.3.2)
    multipart-post (1.1.5)
    nokogiri (1.5.6)
    oauth (0.4.4)
    polyglot (0.3.3)
    rack (1.4.1)
    rake (10.0.3)
    rest-client (1.6.7)
      mime-types (>= 1.16)
    right_aws (3.0.3)
      right_http_connection (>= 1.2.5)
    right_http_connection (1.3.0)
    ruby-hmac (0.4.0)
    simple_oauth (0.1.5)
    softlayer_messaging (1.0.2)
      rest-client
    tinder (1.8.0.github)
      activesupport (>= 2.3, < 4)
      eventmachine (~> 0.12)
      faraday (>= 0.6, < 0.9)
      faraday_middleware (~> 0.8)
      hashie (~> 1.0)
      json (~> 1.6)
      mime-types (~> 1.16)
      multi_json (~> 1.0)
      multipart-post (~> 1.1)
      twitter-stream (~> 0.1)
    treetop (1.4.10)
      polyglot
      polyglot (>= 0.3.1)
    twilio-ruby (3.4.2)
      builder (>= 2.1.2)
      jwt (>= 0.1.2)
      multi_json (>= 1.0.3)
    twitter-stream (0.1.15)
      eventmachine (>= 0.12.8)
      http_parser.rb (~> 0.5.1)
      simple_oauth (~> 0.1.4)
    uuidtools (2.1.3)
    xml-simple (1.0.11)
    xmpp4r (0.5)
    xmpp4r-simple-19 (1.0.0)
      xmpp4r (>= 0.3.2)
    yajl-ruby (1.1.0)

PLATFORMS
  ruby

DEPENDENCIES
  activeresource (~> 3.0.0)
  addressable (~> 2.2.7)
  aws-sdk (~> 1.8.0)
  excon (~> 0.20.1)
  faraday (= 0.7.6)
  httparty (= 0.7.4)
  mail (~> 2.3)
  mash (~> 0.1.1)
  mime-types (~> 1.15)
  mqtt (= 0.0.8)
  oauth (= 0.4.4)
  rake (= 10.0.3)
  right_aws (= 3.0.3)
  right_http_connection (= 1.3.0)
  ruby-hmac (= 0.4.0)
  softlayer_messaging (~> 1.0.2)
  tinder (= 1.8.0.github)
  twilio-ruby (= 3.4.2)
  xml-simple (= 1.0.11)
  xmpp4r-simple-19 (~> 1.0.0)
  yajl-ruby (= 1.1.0)
