PATH
  remote: .
  specs:
    github-services (1.0.0.ad54999)
      activeresource (~> 4.0.0)
      addressable (~> 2.3)
      aws-sdk (~> 1.27)
      aws-sdk-core (~> 2.0.8)
      faraday (= 0.9.0)
      mail (~> 2.3)
      mash (~> 0.1.1)
      maxcdn (~> 0.2.0)
      mime-types (~> 1.15)
      mqtt (= 0.0.8)
      oauth (= 0.4.4)
      ruby-hmac (= 0.4.0)
      softlayer_messaging (~> 1.0.2)
      tinder (= 1.10.0)
      twilio-ruby (~> 3.9.0)
      xml-simple (= 1.0.11)
      xmpp4r-simple-19 (~> 1.0.0)
      yajl-ruby (= 1.1.0)

GEM
  remote: https://rubygems.org/
  specs:
    activemodel (4.1.7)
      activesupport (= 4.1.7)
      builder (~> 3.1)
    activeresource (4.0.0)
      activemodel (~> 4.0)
      activesupport (~> 4.0)
      rails-observers (~> 0.1.1)
    activesupport (4.1.7)
      i18n (~> 0.6, >= 0.6.9)
      json (~> 1.7, >= 1.7.7)
      minitest (~> 5.1)
      thread_safe (~> 0.1)
      tzinfo (~> 1.1)
    addressable (2.3.8)
    aws-sdk (1.57.0)
      aws-sdk-v1 (= 1.57.0)
    aws-sdk-core (2.0.8)
      builder (~> 3.0)
      jmespath (~> 1.0)
      multi_json (~> 1.0)
      multi_xml (~> 0.5)
    aws-sdk-v1 (1.57.0)
      json (~> 1.4)
      nokogiri (>= 1.4.4)
    builder (3.2.2)
    curb (0.8.6)
    curb-fu (0.6.2)
      curb (>= 0.5.4.0)
      rack-test (>= 0.2.0)
    eventmachine (1.0.3)
    faraday (0.9.0)
      multipart-post (>= 1.2, < 3)
    faraday_middleware (0.9.1)
      faraday (>= 0.7.4, < 0.10)
    hashie (2.1.2)
    http_parser.rb (0.5.3)
    i18n (0.6.11)
    jmespath (1.0.1)
      multi_json (~> 1.0)
    json (1.8.1)
    jwt (1.0.0)
    mail (2.6.3)
      mime-types (>= 1.16, < 3)
    mash (0.1.1)
    maxcdn (0.2.0)
      curb-fu (~> 0.6.2)
      signet (~> 0.5.1)
    mime-types (1.25.1)
    mini_portile (0.6.1)
    minitest (5.4.2)
    mqtt (0.0.8)
    multi_json (1.10.1)
    multi_xml (0.5.5)
    multipart-post (2.0.0)
    netrc (0.8.0)
    nokogiri (1.6.4.1)
      mini_portile (~> 0.6.0)
    oauth (0.4.4)
    rack (1.5.2)
    rack-test (0.6.2)
      rack (>= 1.0)
    rails-observers (0.1.2)
      activemodel (~> 4.0)
    rake (10.0.3)
    rest-client (1.7.2)
      mime-types (>= 1.16, < 3.0)
      netrc (~> 0.7)
    ruby-hmac (0.4.0)
    signet (0.5.1)
      addressable (>= 2.2.3)
      faraday (>= 0.9.0.rc5)
      jwt (>= 0.1.5)
      multi_json (>= 1.0.0)
    simple_oauth (0.1.9)
    softlayer_messaging (1.0.2)
      rest-client
    thread_safe (0.3.4)
    tinder (1.10.0)
      eventmachine (~> 1.0)
      faraday (~> 0.9.0)
      faraday_middleware (~> 0.9)
      hashie (>= 1.0, < 3)
      json (~> 1.8.0)
      mime-types
      multi_json (~> 1.7)
      twitter-stream (~> 0.1)
    twilio-ruby (3.9.0)
      builder (>= 2.1.2)
      jwt (>= 0.1.2)
      multi_json (>= 1.3.0)
    twitter-stream (0.1.16)
      eventmachine (>= 0.12.8)
      http_parser.rb (~> 0.5.1)
      simple_oauth (~> 0.1.4)
    tzinfo (1.2.2)
      thread_safe (~> 0.1)
    xml-simple (1.0.11)
    xmpp4r (0.5.6)
    xmpp4r-simple-19 (1.0.0)
      xmpp4r (>= 0.3.2)
    yajl-ruby (1.1.0)

PLATFORMS
  ruby

DEPENDENCIES
  github-services!
  minitest
  rake (= 10.0.3)
